PATH
  remote: .
  specs:
    jlauncher (0.2.0)
      colorize
      httparty
      optimist
      rubyzip

GEM
  remote: https://rubygems.org/
  specs:
    colorize (0.8.1)
    httparty (0.21.0)
      mini_mime (>= 1.0.0)
      multi_xml (>= 0.5.2)
    mini_mime (1.1.2)
    minitest (5.10.3)
    multi_xml (0.6.0)
    optimist (3.0.1)
    rake (13.0.1)
    rubyzip (2.3.2)

PLATFORMS
  ruby

DEPENDENCIES
  bundler (~> 1.16)
  jlauncher!
  minitest (~> 5.0)
  rake (~> 13.0)

BUNDLED WITH
   1.16.1
